GEM
  remote: https://rubygems.org/
  specs:
    colorize (1.1.0)
    gosu (1.4.6)

PLATFORMS
  x86_64-linux

DEPENDENCIES
  colorize (~> 1.1)
  gosu (~> 1.4, >= 1.4.6)

BUNDLED WITH
   2.4.18
